GEM
  remote: https://rubygems.org/
  specs:
    backports (3.24.0)
    bcrypt (3.1.18)
    erubis (2.7.0)
    minitest (5.18.0)
    multi_json (1.15.0)
    nio4r (2.5.8)
    puma (6.2.1)
      nio4r (~> 2.0)
    rack (1.6.13)
    rack-protection (1.5.5)
      rack
    rack-test (2.0.2)
      rack (>= 1.3)
    redcarpet (3.6.0)
    sinatra (1.4.8)
      rack (~> 1.5)
      rack-protection (~> 1.4)
      tilt (>= 1.3, < 3)
    sinatra-contrib (1.4.7)
      backports (>= 2.0)
      multi_json
      rack-protection
      rack-test
      sinatra (~> 1.4.0)
      tilt (>= 1.3, < 3)
    tilt (2.1.0)

PLATFORMS
  ruby

DEPENDENCIES
  bcrypt
  erubis
  minitest
  puma
  rack-test
  redcarpet
  sinatra
  sinatra-contrib

RUBY VERSION
   ruby 2.7.6p219

BUNDLED WITH
   2.1.4
